GEM
  remote: https://rubygems.org/
  specs:
    rugged (1.2.0)

PLATFORMS
  x86_64-darwin-20

DEPENDENCIES
  rugged (~> 1.2)

BUNDLED WITH
   2.2.31
